GEM
  remote: https://rubygems.org/
  specs:
    ast (2.4.2)
    bson (5.0.1)
    concurrent-ruby (1.3.4)
    faker (2.22.0)
      i18n (>= 1.8.11, < 2)
    httparty (0.21.0)
      mini_mime (>= 1.0.0)
      multi_xml (>= 0.5.2)
    i18n (1.14.6)
      concurrent-ruby (~> 1.0)
    json (2.7.6)
    logger (1.5.0)
    mini_mime (1.1.5)
    mini_portile2 (2.8.7)
    mongo (2.21.0)
      bson (>= 4.14.1, < 6.0.0)
    multi_xml (0.6.0)
    nokogiri (1.13.10)
      mini_portile2 (~> 2.8.0)
      racc (~> 1.4)
    parallel (1.24.0)
    parser (3.3.6.0)
      ast (~> 2.4.1)
      racc
    racc (1.8.1)
    rainbow (3.1.1)
    rake (13.2.1)
    regexp_parser (2.9.2)
    rexml (3.3.9)
    rubocop (1.50.2)
      json (~> 2.3)
      parallel (~> 1.10)
      parser (>= 3.2.0.0)
      rainbow (>= 2.2.2, < 4.0)
      regexp_parser (>= 1.8, < 3.0)
      rexml (>= 3.2.5, < 4.0)
      rubocop-ast (>= 1.28.0, < 2.0)
      ruby-progressbar (~> 1.7)
      unicode-display_width (>= 2.4.0, < 3.0)
    rubocop-ast (1.30.0)
      parser (>= 3.2.1.0)
    ruby-progressbar (1.13.0)
    securerandom (0.1.1)
    sqlite3 (2.2.0)
      mini_portile2 (~> 2.8.0)
    unicode-display_width (2.6.0)

PLATFORMS
  ruby

DEPENDENCIES
  faker
  httparty
  logger
  mongo
  nokogiri
  rake
  rubocop
  securerandom
  sqlite3

BUNDLED WITH
   1.17.2
